GEM
  remote: http://rubygems.org/
  specs:
    activesupport (3.2.13)
      i18n (= 0.6.1)
      multi_json (~> 1.0)
    columnize (0.3.6)
    faraday (0.8.7)
      multipart-post (~> 1.1)
    i18n (0.6.1)
    linecache (0.46)
      rbx-require-relative (> 0.0.4)
    mail (2.5.3)
      i18n (>= 0.4.0)
      mime-types (~> 1.16)
      treetop (~> 1.4.8)
    mime-types (1.23)
    multi_json (1.7.6)
    multipart-post (1.2.0)
    oj (1.3.7)
    polyglot (0.3.3)
    rbx-require-relative (0.0.9)
    ruby-debug (0.10.4)
      columnize (>= 0.1)
      ruby-debug-base (~> 0.10.4.0)
    ruby-debug-base (0.10.4)
      linecache (>= 0.3)
    simple_oauth (0.2.0)
    system_timer (1.2.4)
    treetop (1.4.14)
      polyglot
      polyglot (>= 0.3.1)
    twitter (4.8.0)
      faraday (~> 0.8, < 0.10)
      multi_json (~> 1.0)
      simple_oauth (~> 0.2)

PLATFORMS
  ruby

DEPENDENCIES
  activesupport
  mail (= 2.5.3)
  oj (~> 1.3.4)
  ruby-debug
  system_timer
  twitter
